GEM
  remote: http://rubygems.org/
  specs:
    ZenTest (4.10.0)
    autotest (4.4.6)
      ZenTest (>= 4.4.1)
    autotest-fsevent (0.2.9)
      sys-uname
    autotest-growl (0.2.16)
    aws-sdk (1.40.3)
      json (~> 1.4)
      nokogiri (>= 1.4.4)
    colored (1.2)
    columnize (0.8.9)
    command_line_reporter (3.3.1)
      colored (>= 1.2)
    debugger-linecache (1.2.0)
    debugger2 (1.0.0.beta2)
      columnize (>= 0.3.1)
      debugger-linecache (~> 1.2.0)
    diff-lcs (1.2.5)
    ffi (1.9.3)
    json (1.8.1)
    mini_portile (0.6.0)
    nokogiri (1.6.2.1)
      mini_portile (= 0.6.0)
    rake (10.3.2)
    rspec (2.14.1)
      rspec-core (~> 2.14.0)
      rspec-expectations (~> 2.14.0)
      rspec-mocks (~> 2.14.0)
    rspec-core (2.14.8)
    rspec-expectations (2.14.5)
      diff-lcs (>= 1.1.3, < 2.0)
    rspec-mocks (2.14.6)
    sys-uname (0.9.2)
      ffi (>= 1.0.0)

PLATFORMS
  ruby

DEPENDENCIES
  autotest
  autotest-fsevent
  autotest-growl
  aws-sdk
  command_line_reporter
  debugger2
  rake
  rspec (>= 2.4)
